GIT
  remote: https://github.com/livingsocial/rake-pipeline.git
  revision: 65b1e744defa208e313703d89f3453447cc103b2
  specs:
    rake-pipeline (0.8.0)
      json
      rake (~> 10.0.0)
      thor

GIT
  remote: https://github.com/wycats/rake-pipeline-web-filters.git
  revision: 19a6a4e94c700081bbec5814f1536c2b4570979f
  specs:
    rake-pipeline-web-filters (0.6.0)
      rack
      rake-pipeline (~> 0.6)

GEM
  remote: https://rubygems.org/
  specs:
    chunky_png (1.2.8)
    compass (0.12.2)
      chunky_png (~> 1.2)
      fssm (>= 0.2.7)
      sass (~> 3.1)
    daemons (1.1.9)
    eventmachine (1.0.3-x86-mingw32)
    fssm (0.2.10)
    json (1.8.0)
    rack (1.5.2)
    rack-rewrite (1.4.01)
    rake (10.0.4)
    sass (3.2.10)
    thin (1.5.1)
      daemons (>= 1.0.9)
      eventmachine (>= 0.12.6)
      rack (>= 1.0.0)
    thor (0.18.1)

PLATFORMS
  x86-mingw32

DEPENDENCIES
  compass
  json
  rack
  rack-rewrite
  rake-pipeline!
  rake-pipeline-web-filters!
  thin
